PATH
  remote: .
  specs:
    sql_profiler (0.1)

GEM
  remote: https://rubygems.org/
  specs:
    rake (10.5.0)

PLATFORMS
  ruby

DEPENDENCIES
  bundler
  rake (~> 10.0)
  sql_profiler!

BUNDLED WITH
   2.1.4
